GIT
  remote: https://github.com/lmarburger/mini_magick.git
  revision: 9b46dacb6c74010c389e2f947707fd63c5f3ae20
  branch: refactor_system_call
  specs:
    mini_magick (3.4)
      subexec (~> 0.2.1)

GEM
  remote: https://rubygems.org/
  specs:
    addressable (2.3.2)
    airbrake (3.1.6)
      builder
      girl_friday
    atomic (1.0.2)
    avl_tree (1.1.3)
    builder (3.1.4)
    connection_pool (0.9.2)
    cookiejar (0.3.0)
    crack (0.3.1)
    daemons (1.1.9)
    em-http-request (1.0.3)
      addressable (>= 2.2.3)
      cookiejar
      em-socksify
      eventmachine (>= 1.0.0.beta.4)
      http_parser.rb (>= 0.5.3)
    em-socksify (0.2.1)
      eventmachine (>= 1.0.0.beta.4)
    em-synchrony (1.0.2)
      eventmachine (>= 1.0.0.beta.1)
    eventmachine (1.0.0)
    foreman (0.60.2)
      thor (>= 0.13.6)
    girl_friday (0.10.0)
      connection_pool (~> 0.9.0)
    hitimes (1.2.1)
    http_parser.rb (0.5.3)
    metriks (0.9.9.4)
      atomic (~> 1.0)
      avl_tree (~> 1.1.2)
      hitimes (~> 1.1)
    metriks-middleware (2.1.0)
      metriks (~> 0.9.9)
    rack (1.5.2)
    rack-fiber_pool (0.9.2)
    rack-protection (1.2.0)
      rack
    rack-test (0.6.2)
      rack (>= 1.0)
    rake (0.9.2.2)
    sinatra (1.3.3)
      rack (~> 1.3, >= 1.3.6)
      rack-protection (~> 1.2)
      tilt (~> 1.3, >= 1.3.3)
    subexec (0.2.2)
    thin (1.5.0)
      daemons (>= 1.0.9)
      eventmachine (>= 0.12.6)
      rack (>= 1.0.0)
    thor (0.16.0)
    tilt (1.3.3)
    vcr (1.11.3)
    webmock (1.8.11)
      addressable (>= 2.2.7)
      crack (>= 0.1.7)
    yajl-ruby (1.1.0)

PLATFORMS
  ruby

DEPENDENCIES
  airbrake
  em-http-request (~> 1.0)
  em-synchrony (~> 1.0)
  foreman
  hitimes
  metriks
  metriks-middleware
  mini_magick!
  rack-fiber_pool
  rack-test
  rake
  sinatra
  thin
  vcr (~> 1.11.3)
  webmock
  yajl-ruby
