GEM
  remote: https://rubygems.org/
  specs:
    addressable (2.3.5)
    airbrake (3.1.14)
      builder
      json
    atomic (1.1.14)
    avl_tree (1.1.3)
    aws-sdk (1.48.1)
      json (~> 1.4)
      nokogiri (>= 1.4.4)
    builder (3.2.2)
    crack (0.4.1)
      safe_yaml (~> 0.9.0)
    diff-lcs (1.2.5)
    hitimes (1.2.1)
    json (1.8.1)
    metriks (0.9.9.5)
      atomic (~> 1.0)
      avl_tree (~> 1.1.2)
      hitimes (~> 1.1)
    metriks-middleware (2.1.1)
      metriks (~> 0.9.9)
    mini_portile (0.6.0)
    nokogiri (1.6.3.1)
      mini_portile (= 0.6.0)
    posix-spawn (0.3.6)
    puma (2.6.0)
      rack (>= 1.1, < 2.0)
    rack (1.5.2)
    rack-test (0.6.2)
      rack (>= 1.0)
    rspec (2.14.1)
      rspec-core (~> 2.14.0)
      rspec-expectations (~> 2.14.0)
      rspec-mocks (~> 2.14.0)
    rspec-core (2.14.7)
    rspec-expectations (2.14.4)
      diff-lcs (>= 1.1.3, < 2.0)
    rspec-mocks (2.14.4)
    safe_yaml (0.9.7)
    vcr (2.7.0)
    webmock (1.15.2)
      addressable (>= 2.2.7)
      crack (>= 0.3.2)

PLATFORMS
  ruby

DEPENDENCIES
  airbrake
  aws-sdk
  metriks-middleware
  posix-spawn
  puma
  rack
  rack-test
  rspec
  vcr
  webmock
