GEM
  remote: https://rubygems.org/
  specs:
    addressable (2.3.4)
    atomic (1.1.9)
    avl_tree (1.1.3)
    crack (0.3.2)
    diff-lcs (1.2.4)
    hitimes (1.2.1)
    metriks (0.9.9.4)
      atomic (~> 1.0)
      avl_tree (~> 1.1.2)
      hitimes (~> 1.1)
    metriks-middleware (2.1.0)
      metriks (~> 0.9.9)
    puma (2.0.1)
      rack (>= 1.1, < 2.0)
    rack (1.5.2)
    rack-test (0.6.2)
      rack (>= 1.0)
    rspec (2.13.0)
      rspec-core (~> 2.13.0)
      rspec-expectations (~> 2.13.0)
      rspec-mocks (~> 2.13.0)
    rspec-core (2.13.1)
    rspec-expectations (2.13.0)
      diff-lcs (>= 1.1.3, < 2.0)
    rspec-mocks (2.13.1)
    vcr (2.4.0)
    webmock (1.11.0)
      addressable (>= 2.2.7)
      crack (>= 0.3.2)

PLATFORMS
  ruby

DEPENDENCIES
  metriks-middleware
  puma
  rack
  rack-test
  rspec
  vcr
  webmock
