GIT
  remote: https://github.com/igrigorik/em-http-request.git
  revision: ddfb713b29570d2f93713f619d94e5960ea8f627
  specs:
    em-http-request (1.0.0.beta.3)
      addressable (>= 2.2.3)
      em-socksify
      eventmachine (>= 1.0.0.beta.3)
      http_parser.rb (>= 0.5.1)

GIT
  remote: https://github.com/igrigorik/em-synchrony.git
  revision: 5c2aa0ec22509102a1e2fda659c1d2cea5cb6d5e
  specs:
    em-synchrony (0.3.0.beta.1)
      eventmachine (>= 1.0.0.beta.1)

GEM
  remote: http://rubygems.org/
  specs:
    ParseTree (3.0.7)
      RubyInline (>= 3.7.0)
      sexp_processor (>= 3.0.0)
    RubyInline (3.9.0)
      ZenTest (~> 4.3)
    ZenTest (4.5.0)
    activesupport (3.0.7)
    addressable (2.2.6)
    builder (3.0.0)
    crack (0.1.8)
    daemons (1.1.3)
    diff-lcs (1.1.2)
    em-socksify (0.1.0)
      eventmachine
    eventmachine (1.0.0.beta.3)
    file-tail (1.0.5)
      spruz (>= 0.1.0)
    hoptoad_notifier (2.4.10)
      activesupport
      builder
    http_parser.rb (0.5.1)
    mini_magick (3.2.1)
      subexec (~> 0.0.4)
    newrelic_rpm (3.0.1)
    predicated (0.2.6)
    rack (1.3.0)
    rack-fiber_pool (0.9.1)
    rack-test (0.6.0)
      rack (>= 1.0)
    ruby2ruby (1.2.5)
      ruby_parser (~> 2.0)
      sexp_processor (~> 3.0)
    ruby_parser (2.0.6)
      sexp_processor (~> 3.0)
    sexp_processor (3.0.5)
    sinatra (1.2.6)
      rack (~> 1.1)
      tilt (< 2.0, >= 1.2.2)
    sourcify (0.5.0)
      file-tail (>= 1.0.5)
      ruby2ruby (>= 1.2.5)
      ruby_parser (>= 2.0.5)
      sexp_processor (>= 3.0.5)
    spruz (0.2.7)
    subexec (0.0.4)
    thin (1.2.11)
      daemons (>= 1.0.9)
      eventmachine (>= 0.12.6)
      rack (>= 1.0.0)
    tilt (1.3.2)
    vcr (1.10.0)
    webmock (1.6.4)
      addressable (> 2.2.5, ~> 2.2)
      crack (>= 0.1.7)
    wrong (0.5.0)
      ParseTree (~> 3.0)
      diff-lcs (~> 1.1.2)
      file-tail (~> 1.0)
      predicated (>= 0.2.2)
      ruby2ruby (~> 1.2)
      ruby_parser (~> 2.0.4)
      sexp_processor (~> 3.0)
      sourcify (>= 0.3.0)
    yajl-ruby (0.8.2)

PLATFORMS
  ruby

DEPENDENCIES
  em-http-request!
  em-synchrony!
  hoptoad_notifier
  mini_magick
  newrelic_rpm
  rack-fiber_pool
  rack-test
  sinatra
  thin
  vcr
  webmock
  wrong
  yajl-ruby
