GIT
  remote: https://github.com/bblimke/webmock.git
  revision: 163f678f8d9208ac7716bd216aa3ebd46482014a
  specs:
    webmock (1.7.0.pre)
      addressable (~> 2.2, > 2.2.5)
      crack (>= 0.1.7)

GIT
  remote: https://github.com/igrigorik/em-http-request.git
  revision: d67272f95cfa4c486f019d6922bc0c839dd83ca5
  specs:
    em-http-request (1.0.0.beta.4)
      addressable (>= 2.2.3)
      em-socksify
      eventmachine (>= 1.0.0.beta.3)
      http_parser.rb (>= 0.5.1)

GIT
  remote: https://github.com/igrigorik/em-synchrony.git
  revision: 01a3f3b07f37524bf0d0b78fa19916b4d8471861
  specs:
    em-synchrony (0.3.0.beta.1)
      eventmachine (>= 1.0.0.beta.1)

GIT
  remote: https://github.com/lmarburger/guard-minitest.git
  revision: b7909634b972e7aaf9c186d5eb517d38c94f6f53
  branch: add_load_path_option
  specs:
    guard-minitest (0.4.0)
      guard (~> 0.4)

GEM
  remote: http://rubygems.org/
  specs:
    ParseTree (3.0.7)
      RubyInline (>= 3.7.0)
      sexp_processor (>= 3.0.0)
    RubyInline (3.9.0)
      ZenTest (~> 4.3)
    ZenTest (4.6.0)
    activesupport (3.0.9)
    addressable (2.2.6)
    builder (3.0.0)
    crack (0.1.8)
    daemons (1.1.4)
    diff-lcs (1.1.2)
    em-socksify (0.1.0)
      eventmachine
    eventmachine (1.0.0.beta.3)
    file-tail (1.0.6)
      spruz (~> 0.2)
    growl (1.0.3)
    guard (0.5.1)
      thor (~> 0.14.6)
    guard-bundler (0.1.3)
      bundler (>= 1.0.0)
      guard (>= 0.2.2)
    hoptoad_notifier (2.4.11)
      activesupport
      builder
    http_parser.rb (0.5.1)
    mini_magick (3.3)
      subexec (~> 0.1.0)
    newrelic_rpm (3.1.1)
    predicated (0.2.6)
    rack (1.3.2)
    rack-fiber_pool (0.9.1)
    rack-test (0.6.1)
      rack (>= 1.0)
    rb-fsevent (0.4.2)
    ruby2ruby (1.2.5)
      ruby_parser (~> 2.0)
      sexp_processor (~> 3.0)
    ruby_parser (2.0.6)
      sexp_processor (~> 3.0)
    sexp_processor (3.0.5)
    sinatra (1.2.6)
      rack (~> 1.1)
      tilt (< 2.0, >= 1.2.2)
    sourcify (0.5.0)
      file-tail (>= 1.0.5)
      ruby2ruby (>= 1.2.5)
      ruby_parser (>= 2.0.5)
      sexp_processor (>= 3.0.5)
    spruz (0.2.12)
    subexec (0.1.0)
    thin (1.2.11)
      daemons (>= 1.0.9)
      eventmachine (>= 0.12.6)
      rack (>= 1.0.0)
    thor (0.14.6)
    tilt (1.3.2)
    vcr (1.10.3)
    wrong (0.5.4)
      ParseTree (~> 3.0)
      diff-lcs (~> 1.1.2)
      file-tail (~> 1.0)
      predicated (>= 0.2.3)
      ruby2ruby (~> 1.2)
      ruby_parser (~> 2.0.4)
      sexp_processor (~> 3.0)
      sourcify (>= 0.3.0)
    yajl-ruby (0.8.2)

PLATFORMS
  ruby

DEPENDENCIES
  em-http-request!
  em-synchrony!
  growl
  guard
  guard-bundler
  guard-minitest!
  hoptoad_notifier
  mini_magick
  newrelic_rpm
  rack-fiber_pool
  rack-test
  rb-fsevent
  sinatra
  thin
  vcr
  webmock!
  wrong
  yajl-ruby
