GEM
  remote: http://rubygems.org/
  specs:
    activesupport (3.0.7)
    addressable (2.2.5)
    builder (3.0.0)
    crack (0.1.8)
    hoptoad_notifier (2.4.9)
      activesupport
      builder
    httparty (0.7.7)
      crack (= 0.1.8)
    mini_magick (3.2)
      subexec (~> 0.0.4)
    newrelic_rpm (2.14.1)
    rack (1.2.2)
    rack-test (0.5.7)
      rack (>= 1.0)
    sinatra (1.2.3)
      rack (~> 1.1)
      tilt (< 2.0, >= 1.2.2)
    subexec (0.0.4)
    tilt (1.3)
    vcr (1.9.0)
    webmock (1.6.2)
      addressable (>= 2.2.2)
      crack (>= 0.1.7)

PLATFORMS
  ruby

DEPENDENCIES
  hoptoad_notifier
  httparty
  mini_magick
  newrelic_rpm
  rack-test
  sinatra
  vcr
  webmock
